GEM
  remote: https://rubygems.org/
  specs:
    foreman (0.62.0)
      thor (>= 0.13.6)
    kgio (2.11.2)
    mustermann (1.0.3)
    newrelic_rpm (3.6.0.83)
    rack (2.0.5)
    rack-protection (2.0.4)
      rack
    raindrops (0.19.0)
    sinatra (2.0.4)
      mustermann (~> 1.0)
      rack (~> 2.0)
      rack-protection (= 2.0.4)
      tilt (~> 2.0)
    thor (0.18.1)
    tilt (2.0.8)
    unicorn (5.4.1)
      kgio (~> 2.6)
      raindrops (~> 0.7)

PLATFORMS
  ruby

DEPENDENCIES
  foreman
  newrelic_rpm
  sinatra
  unicorn

RUBY VERSION
   ruby 2.5.3p105

BUNDLED WITH
   1.16.6
