GEM
  remote: https://rubygems.org/
  specs:
    foreman (0.62.0)
      thor (>= 0.13.6)
    kgio (2.11.2)
    newrelic_rpm (3.6.0.83)
    rack (1.6.10)
    rack-protection (1.5.0)
      rack
    raindrops (0.10.0)
    sinatra (1.4.2)
      rack (~> 1.5, >= 1.5.2)
      rack-protection (~> 1.4)
      tilt (~> 1.3, >= 1.3.4)
    thor (0.18.1)
    tilt (1.3.7)
    unicorn (4.6.2)
      kgio (~> 2.6)
      rack
      raindrops (~> 0.7)

PLATFORMS
  ruby

DEPENDENCIES
  foreman
  newrelic_rpm
  sinatra
  unicorn

RUBY VERSION
   ruby 2.5.3p105

BUNDLED WITH
   1.16.6
